{
  "AcquisitionMatrixPE": 70,
  "AcquisitionNumber": 1,
  "AcquisitionTime": "18:53:45.787500",
  "BaseResolution": 70,
  "BodyPartExamined": "BRAIN",
  "CoilCombinationMethod": "Sum of Squares",
  "ConsistencyInfo": "N4_VE11C_LATEST_20160120",
  "ConversionSoftware": "dcm2niix",
  "ConversionSoftwareVersion": "v1.0.20211006",
  "DeviceSerialNumber": "166011",
  "EchoNumber": 2,
  "EchoTime": 0.00738,
  "FlipAngle": 60,
  "ImageOrientationPatientDICOM": [
    0.999874,
    -0.00961446,
    0.0126646,
    0.0118673,
    0.981336,
    -0.191935
  ],
  "ImageType": [
    "ORIGINAL",
    "PRIMARY",
    "M",
    "ND"
  ],
  "ImagingFrequency": 123.26,
  "InPlanePhaseEncodingDirectionDICOM": "ROW",
  "InstitutionAddress": "West 130th Street 610,NY,NYC,US,10025",
  "InstitutionName": "MBBI",
  "MRAcquisitionType": "2D",
  "MagneticFieldStrength": 3,
  "Manufacturer": "Siemens",
  "ManufacturersModelName": "Prisma",
  "MatrixCoilMode": "SENSE",
  "Modality": "MR",
  "MultibandAccelerationFactor": 2,
  "PartialFourier": 1,
  "PatientPosition": "HFS",
  "PercentPhaseFOV": 100,
  "PercentSampling": 100,
  "PhaseEncodingDirection": "i",
  "PhaseEncodingSteps": 70,
  "PhaseResolution": 1,
  "PixelBandwidth": 595,
  "ProcedureStepDescription": "White^Word_recognition",
  "ProtocolName": "fmap_gre_field_mapping",
  "PulseSequenceDetails": "%SiemensSeq%\\gre_field_mapping",
  "ReceiveCoilActiveElements": "HC1-7",
  "ReceiveCoilName": "HeadNeck_64",
  "ReconMatrixPE": 70,
  "RepetitionTime": 0.52,
  "SAR": 0.102581,
  "ScanningSequence": "GR",
  "SequenceName": "*fm2d2r",
  "SequenceVariant": "SP",
  "SeriesDescription": "fmap_gre_field_mapping",
  "SeriesNumber": 16,
  "ShimSetting": [
    -1135,
    -1361,
    663,
    589,
    -26,
    9,
    65,
    15
  ],
  "SliceThickness": 3,
  "SliceTiming": [
    0.25,
    0,
    0.26562,
    0.01562,
    0.28125,
    0.01562,
    0.29688,
    0.03125,
    0.3125,
    0.04688,
    0.3125,
    0.0625,
    0.32812,
    0.07812,
    0.34375,
    0.07812,
    0.35938,
    0.09375,
    0.375,
    0.10938,
    0.375,
    0.125,
    0.39062,
    0.14062,
    0.40625,
    0.14062,
    0.42188,
    0.15625,
    0.4375,
    0.17188,
    0.4375,
    0.1875,
    0.45312,
    0.1875,
    0.46875,
    0.20312,
    0.48438,
    0.21875,
    0.48438,
    0.23438,
    0.5,
    0.25
  ],
  "SoftwareVersions": "syngo MR E11",
  "SpacingBetweenSlices": 3,
  "StationName": "AWP166011",
  "TxRefAmp": 231.124
}