{
  "AcquisitionMatrixPE": 70,
  "AcquisitionNumber": 1,
  "AcquisitionTime": "17:28:38.475000",
  "BaseResolution": 70,
  "BodyPartExamined": "BRAIN",
  "CoilCombinationMethod": "Sum of Squares",
  "ConsistencyInfo": "N4_VE11C_LATEST_20160120",
  "ConversionSoftware": "dcm2niix",
  "ConversionSoftwareVersion": "v1.0.20211006",
  "DeviceSerialNumber": "166011",
  "EchoNumber": 2,
  "EchoTime": 0.00738,
  "EchoTime1": 0.00492,
  "EchoTime2": 0.00738,
  "FlipAngle": 60,
  "ImageOrientationPatientDICOM": [
    0.999391,
    -0.00190777,
    0.0348463,
    0.00593057,
    0.993265,
    -0.115709
  ],
  "ImageType": [
    "ORIGINAL",
    "PRIMARY",
    "P",
    "ND",
    "PHASE"
  ],
  "ImagingFrequency": 123.26,
  "InPlanePhaseEncodingDirectionDICOM": "ROW",
  "InstitutionAddress": "West 130th Street 610,NY,NYC,US,10025",
  "InstitutionName": "MBBI",
  "IntendedFor": [
    "ses-3/func/sub-150_ses-3_task-langLoc_run-01_bold.nii.gz",
    "ses-3/func/sub-150_ses-3_task-langLoc_run-02_bold.nii.gz",
    "ses-3/func/sub-150_ses-3_task-langLoc_run-03_bold.nii.gz",
    "ses-3/func/sub-150_ses-3_task-vwfate_run-01_bold.nii.gz",
    "ses-3/func/sub-150_ses-3_task-vwfate_run-02_bold.nii.gz",
    "ses-3/func/sub-150_ses-3_task-vwfate_run-03_bold.nii.gz"
  ],
  "MRAcquisitionType": "2D",
  "MagneticFieldStrength": 3,
  "Manufacturer": "Siemens",
  "ManufacturersModelName": "Prisma",
  "MatrixCoilMode": "SENSE",
  "Modality": "MR",
  "MultibandAccelerationFactor": 2,
  "PartialFourier": 1,
  "PatientPosition": "HFS",
  "PercentPhaseFOV": 100,
  "PercentSampling": 100,
  "PhaseEncodingDirection": "i",
  "PhaseEncodingSteps": 70,
  "PhaseResolution": 1,
  "PixelBandwidth": 595,
  "ProcedureStepDescription": "White^Word_recognition",
  "ProtocolName": "fmap_gre_field_mapping",
  "PulseSequenceDetails": "%SiemensSeq%\\gre_field_mapping",
  "ReceiveCoilActiveElements": "HC1-7",
  "ReceiveCoilName": "HeadNeck_64",
  "ReconMatrixPE": 70,
  "RepetitionTime": 0.52,
  "SAR": 0.0840029,
  "ScanningSequence": "GR",
  "SequenceName": "*fm2d2r",
  "SequenceVariant": "SP",
  "SeriesDescription": "fmap_gre_field_mapping",
  "SeriesNumber": 16,
  "ShimSetting": [
    -1146,
    -1305,
    615,
    626,
    -124,
    85,
    -76,
    4
  ],
  "SliceThickness": 3,
  "SliceTiming": [
    0.25,
    0,
    0.26562,
    0.01562,
    0.28125,
    0.01562,
    0.29688,
    0.03125,
    0.3125,
    0.04688,
    0.3125,
    0.0625,
    0.32812,
    0.07812,
    0.34375,
    0.07812,
    0.35938,
    0.09375,
    0.375,
    0.10938,
    0.375,
    0.125,
    0.39062,
    0.14062,
    0.40625,
    0.14062,
    0.42188,
    0.15625,
    0.42188,
    0.17188,
    0.4375,
    0.1875,
    0.45312,
    0.1875,
    0.46875,
    0.20312,
    0.48438,
    0.21875,
    0.48438,
    0.23438,
    0.5,
    0.25
  ],
  "SoftwareVersions": "syngo MR E11",
  "SpacingBetweenSlices": 3,
  "StationName": "AWP166011",
  "TxRefAmp": 218.081,
  "dcmmeta_affine": [
    [
      -2.9981725215911865,
      0.01779172383248806,
      0.10317325592041016,
      109.91864013671875
    ],
    [
      0.00572331203147769,
      2.9797964096069336,
      -0.3475360870361328,
      -76.77661895751953
    ],
    [
      0.10453901439905167,
      0.34712737798690796,
      2.9780120849609375,
      -75.87419128417969
    ],
    [
      0.0,
      0.0,
      0.0,
      1.0
    ]
  ],
  "dcmmeta_reorient_transform": [
    [
      0.0,
      -1.0,
      0.0,
      69.0
    ],
    [
      1.0,
      0.0,
      0.0,
      0.0
    ],
    [
      0.0,
      0.0,
      -1.0,
      41.0
    ],
    [
      0.0,
      0.0,
      0.0,
      1.0
    ]
  ],
  "dcmmeta_shape": [
    70,
    70,
    42
  ],
  "dcmmeta_slice_dim": 2,
  "dcmmeta_version": 0.6,
  "global": {
    "const": {
      "AcquisitionMatrix": [
        0,
        70,
        70,
        0
      ],
      "AcquisitionNumber": 1,
      "AngioFlag": "N",
      "BitsAllocated": 16,
      "BitsStored": 12,
      "BodyPartExamined": "BRAIN",
      "Columns": 70,
      "EchoNumbers": 2,
      "EchoTime": 7.38,
      "EchoTrainLength": 0,
      "FlipAngle": 60.0,
      "HighBit": 11,
      "ImageOrientationPatient": [
        0.99939086103873,
        -0.0019077706348,
        0.03484633816447,
        0.00593057448605,
        0.9932654361239,
        -0.115709125344
      ],
      "ImageType": [
        "ORIGINAL",
        "PRIMARY",
        "P",
        "ND"
      ],
      "ImagedNucleus": "1H",
      "ImagingFrequency": 123.259669,
      "InPlanePhaseEncodingDirection": "ROW",
      "MRAcquisitionType": "2D",
      "MagneticFieldStrength": 3.0,
      "Manufacturer": "SIEMENS",
      "ManufacturerModelName": "Prisma",
      "Modality": "MR",
      "NumberOfAverages": 1.0,
      "NumberOfPhaseEncodingSteps": 70,
      "PercentPhaseFieldOfView": 100.0,
      "PercentSampling": 100.0,
      "PerformedProcedureStepStartTime": "162359.649000",
      "PhotometricInterpretation": "MONOCHROME2",
      "PixelBandwidth": 595.0,
      "PixelRepresentation": 0,
      "PixelSpacing": [
        3.0,
        3.0
      ],
      "ProtocolName": "fmap_gre_field_mapping",
      "RepetitionTime": 520.0,
      "RescaleIntercept": -4096.0,
      "RescaleSlope": 2.0,
      "RescaleType": "US",
      "Rows": 70,
      "SAR": 0.08400294979042,
      "SamplesPerPixel": 1,
      "ScanningSequence": "GR",
      "SequenceName": "*fm2d2r",
      "SequenceVariant": "SP",
      "SeriesDescription": "fmap_gre_field_mapping",
      "SeriesNumber": 16,
      "SeriesTime": "172951.637000",
      "SliceThickness": 3.0,
      "SoftwareVersions": "syngo MR E11",
      "SpacingBetweenSlices": 3.0,
      "SpecificCharacterSet": "ISO_IR 100",
      "StudyID": "3",
      "StudyTime": "162359.596000",
      "TransmitCoilName": "Body",
      "VariableFlipAngleFlag": "N",
      "WindowCenterWidthExplanation": "Algo1",
      "dBdt": 0.0
    },
