{
  "AcquisitionMatrixPE": 224,
  "AcquisitionNumber": 1,
  "AcquisitionTime": "09:06:25.102500",
  "BaseResolution": 224,
  "BodyPartExamined": "BRAIN",
  "CoilCombinationMethod": "Adaptive Combine",
  "ConsistencyInfo": "N4_VE11C_LATEST_20160120",
  "ConversionSoftware": "dcm2niix",
  "ConversionSoftwareVersion": "v1.0.20211006",
  "DeviceSerialNumber": "166011",
  "DwellTime": 8.6e-06,
  "EchoTime": 0.00191,
  "FlipAngle": 8,
  "ImageOrientationPatientDICOM": [0.0254431, 0.973446, 0.227498, 0.0112535, 0.227278, -0.973765],
  "ImageOrientationText": "Sag>Cor(1.6)>Tra(-0.3)",
  "ImageType": [
    "ORIGINAL",
    "PRIMARY",
    "M",
    "ND",
    "NORM"
],
  "ImagingFrequency": 123.259,
  "InPlanePhaseEncodingDirectionDICOM": "ROW",
  "InstitutionAddress": "West 130th Street 610,NY,NYC,US,10025",
  "InstitutionName": "MBBI",
  "InstitutionalDepartmentName": "Department",
  "InversionTime": 1.13,
  "MRAcquisitionType": "3D",
  "MagneticFieldStrength": 3,
  "Manufacturer": "Siemens",
  "ManufacturersModelName": "Prisma",
  "MatrixCoilMode": "GRAPPA",
  "Modality": "MR",
  "ParallelReductionFactorInPlane": 2,
  "PartialFourier": 1,
  "PatientPosition": "HFS",
  "PercentPhaseFOV": 100,
  "PercentSampling": 100,
  "PhaseEncodingSteps": 223,
  "PhaseResolution": 1,
  "PixelBandwidth": 260,
  "ProcedureStepDescription": "White^Word_recognition",
  "ProtocolName": "anat_t1_mprage_sag_p2_1mm_iso",
  "PulseSequenceDetails": "%SiemensSeq%\\tfl",
  "ReceiveCoilActiveElements": "HC1-7",
  "ReceiveCoilName": "HeadNeck_64",
  "ReconMatrixPE": 224,
  "RefLinesPE": 24,
  "RepetitionTime": 2.4,
  "SAR": 0.0453926,
  "ScanOptions": "IR",
  "ScanningSequence": "GR\\IR",
  "SequenceName": "*tfl3d1_16ns",
  "SequenceVariant": "SK\\SP\\MP",
  "SeriesDescription": "anat_t1_mprage_sag_p2_1mm_iso",
  "SeriesNumber": 5,
  "ShimSetting": [-1187, -1439, 615, 291, -160, -585, -50, -45],
  "SliceThickness": 1,
  "SoftwareVersions": "syngo MR E11",
  "SpoilingState": true,
  "StationName": "AWP166011",
  "TxRefAmp": 214.866,
  "dcmmeta_affine": [
    [0.9996129274368286, 0.02544305846095085, 0.01125354040414095, -99.10311126708984],
    [-0.02733571268618107, 0.9734460711479187, 0.2272784560918808, -101.37116241455078],
    [-0.005172055680304766, -0.2274981141090393, 0.9737647771835327, -108.62080383300781],
    [0.0, 0.0, 0.0, 1.0]
],
  "dcmmeta_reorient_transform": [
    [0.0, 0.0, -1.0, 223.0],
    [0.0, -1.0, 0.0, 223.0],
    [-1.0, 0.0, 0.0, 207.0],
    [0.0, 0.0, 0.0, 1.0]
],
  "dcmmeta_shape": [208, 224, 224],
  "dcmmeta_slice_dim": 0,
  "dcmmeta_version": 0.6,
  "global": {
    "const": {
      "AcquisitionMatrix": [0, 224, 224, 0],
      "AcquisitionNumber": 1,
      "AcquisitionTime": "090625.102500",
      "AngioFlag": "N",
      "BitsAllocated": 16,
      "BitsStored": 12,
      "BodyPartExamined": "BRAIN",
      "Columns": 224,
      "EchoNumbers": 1,
      "EchoTime": 1.91,
      "EchoTrainLength": 1,
      "FlipAngle": 8.0,
      "HighBit": 11,
      "ImageOrientationPatient": [0.0254430584396, 0.97344607474576, 0.22749811062799, 0.01125354055592, 0.22727845987881, -0.9737647865373],
      "ImageType": [
        "ORIGINAL",
        "PRIMARY",
        "M",
        "ND",
        "NORM"
],
      "ImagedNucleus": "1H",
      "ImagingFrequency": 123.259286,
      "InPlanePhaseEncodingDirection": "ROW",
      "InversionTime": 1130.0,
      "MRAcquisitionType": "3D",
      "MagneticFieldStrength": 3.0,
      "Manufacturer": "SIEMENS",
      "ManufacturerModelName": "Prisma",
      "Modality": "MR",
      "NumberOfAverages": 1.0,
      "NumberOfPhaseEncodingSteps": 223,
      "PercentPhaseFieldOfView": 100.0,
      "PercentSampling": 100.0,
      "PerformedProcedureStepStartTime": "084413.393000",
      "PhotometricInterpretation": "MONOCHROME2",
      "PixelBandwidth": 260.0,
      "PixelRepresentation": 0,
      "PixelSpacing": [1.0, 1.0],
      "ProtocolName": "anat_t1_mprage_sag_p2_1mm_iso",
      "RepetitionTime": 2400.0,
      "Rows": 224,
      "SAR": 0.04539255834474,
      "SamplesPerPixel": 1,
      "ScanOptions": "IR",
      "ScanningSequence": [
        "GR",
        "IR"
],
      "SequenceName": "*tfl3d1_16ns",
      "SequenceVariant": [
        "SK",
        "SP",
        "MP"
],
      "SeriesDescription": "anat_t1_mprage_sag_p2_1mm_iso",
      "SeriesNumber": 5,
      "SeriesTime": "091131.195000",
      "SliceThickness": 1.0,
      "SmallestImagePixelValue": 0,
      "SoftwareVersions": "syngo MR E11",
      "SpecificCharacterSet": "ISO_IR 100",
      "StudyID": "3",
      "StudyTime": "084413.208000",
      "TransmitCoilName": "Body",
      "VariableFlipAngleFlag": "N",
      "dBdt": 0.0},
