{
  "AcquisitionMatrixPE": 72,
  "AcquisitionNumber": 1,
  "AcquisitionTime": "17:17:56.805000",
  "BandwidthPerPixelPhaseEncode": 17.943,
  "BaseResolution": 96,
  "BodyPartExamined": "BRAIN",
  "CoilCombinationMethod": "Sum of Squares",
  "ConsistencyInfo": "N4_VE11C_LATEST_20160120",
  "ConversionSoftware": "dcm2niix",
  "ConversionSoftwareVersion": "v1.0.20211006",
  "DerivedVendorReportedEchoSpacing": 0.000552897,
  "DeviceSerialNumber": "166011",
  "EchoTime": 0.03,
  "EchoTrainLength": 58,
  "EffectiveEchoSpacing": 0.000580542,
  "FlipAngle": 62,
  "ImageOrientationPatientDICOM": [0.999834, 0.016108, -0.00852869, -0.0141358, 0.980691, 0.195054],
  "ImageType": [
    "ORIGINAL",
    "PRIMARY",
    "M",
    "ND",
    "MOSAIC"
],
  "ImagingFrequency": 123.259,
  "InPlanePhaseEncodingDirectionDICOM": "COL",
  "InstitutionAddress": "West 130th Street 610,NY,NYC,US,10025",
  "InstitutionName": "MBBI",
  "MRAcquisitionType": "2D",
  "MagneticFieldStrength": 3,
  "Manufacturer": "Siemens",
  "ManufacturersModelName": "Prisma",
  "Modality": "MR",
  "MultibandAccelerationFactor": 3,
  "PartialFourier": 0.75,
  "PatientPosition": "HFS",
  "PercentPhaseFOV": 100,
  "PercentSampling": 75,
  "PhaseEncodingDirection": "j-",
  "PhaseEncodingSteps": 58,
  "PhaseOversampling": 0.05,
  "PhaseResolution": 0.75,
  "PixelBandwidth": 2265,
  "ProcedureStepDescription": "White^Word_recognition",
  "ProtocolName": "func_vwfate_run13",
  "PulseSequenceDetails": "%SiemensSeq%\\ep2d_bold",
  "ReceiveCoilActiveElements": "HC1-7",
  "ReceiveCoilName": "HeadNeck_64",
  "ReconMatrixPE": 96,
  "RefLinesPE": 40,
  "RepetitionTime": 1.5,
  "SAR": 0.0449458,
  "ScanOptions": "PFP\\FS",
  "ScanningSequence": "EP",
  "SequenceName": "*epfid2d1_72",
  "SequenceVariant": "SK\\OSP",
  "SeriesDescription": "func_vwfate_run13",
  "SeriesNumber": 8,
  "ShimSetting": [-1153, -1415, 780, 767, -120, -226, 130, -8],
  "SliceThickness": 2,
  "SliceTiming": [1.075, 0, 0.74, 0.0675, 0.8075, 0.1325, 0.8725, 0.2, 0.94, 0.2675, 1.0075, 0.4025, 1.1425, 0.47, 1.21, 0.5375, 1.2775, 0.605, 1.345, 0.6725, 1.4125, 0.335, 1.075, 0, 0.74, 0.0675, 0.8075, 0.1325, 0.8725, 0.2, 0.94, 0.2675, 1.0075, 0.4025, 1.1425, 0.47, 1.21, 0.5375, 1.2775, 0.605, 1.345, 0.6725, 1.4125, 0.335, 1.075, 0, 0.74, 0.0675, 0.8075, 0.1325, 0.8725, 0.2, 0.94, 0.2675, 1.0075, 0.4025, 1.1425, 0.47, 1.21, 0.5375, 1.2775, 0.605, 1.345, 0.6725, 1.4125, 0.335],
  "SoftwareVersions": "syngo MR E11",
  "SpacingBetweenSlices": 2,
  "StationName": "AWP166011",
  "TaskName": "vwfate",
  "TotalReadoutTime": 0.0551515,
  "TxRefAmp": 214.325,
  "dcmmeta_affine": [
    [-1.999667763710022, -0.02827155590057373, -0.02301187999546528, 98.1517105102539],
    [-0.032216042280197144, 1.9613813161849976, 0.3898019790649414, -80.66939544677734],
    [-0.017057379707694054, -0.3901078999042511, 1.9615108966827393, -24.955469131469727],
    [0.0, 0.0, 0.0, 1.0]
],
  "dcmmeta_reorient_transform": [
    [0.0, -1.0, 0.0, 95.0],
    [1.0, 0.0, 0.0, 0.0],
    [0.0, 0.0, 1.0, 0.0],
    [0.0, 0.0, 0.0, 1.0]
],
  "dcmmeta_shape": [96, 96, 66, 164],
  "dcmmeta_slice_dim": 2,
  "dcmmeta_version": 0.6,
  "global": {
    "const": {
      "AcquisitionMatrix": [96, 0, 0, 72],
      "AngioFlag": "N",
      "BitsAllocated": 16,
      "BitsStored": 12,
      "BodyPartExamined": "BRAIN",
      "Columns": 864,
      "EchoNumbers": 1,
      "EchoTime": 30.0,
      "EchoTrainLength": 58,
      "FlipAngle": 62.0,
      "HighBit": 11,
      "ImageOrientationPatient": [0.99983388276873, 0.0161080202759, -0.0085286898404, -0.0141357783013, 0.98069064240633, 0.19505395066105],
      "ImagePositionPatient": [-852.48205477935, -871.20319605433, -205.26712024037],
      "ImageType": [
        "ORIGINAL",
        "PRIMARY",
        "M",
        "ND",
        "MOSAIC"
],
      "ImagedNucleus": "1H",
      "ImagingFrequency": 123.259411,
      "InPlanePhaseEncodingDirection": "COL",
      "MRAcquisitionType": "2D",
      "MagneticFieldStrength": 3.0,
      "Manufacturer": "SIEMENS",
      "ManufacturerModelName": "Prisma",
      "Modality": "MR",
      "NumberOfAverages": 1.0,
      "NumberOfPhaseEncodingSteps": 58,
      "PercentPhaseFieldOfView": 100.0,
      "PercentSampling": 75.0,
      "PerformedProcedureStepStartTime": "164859.005000",
      "PhotometricInterpretation": "MONOCHROME2",
      "PixelBandwidth": 2265.0,
      "PixelRepresentation": 0,
      "PixelSpacing": [2.0, 2.0],
      "ProtocolName": "func_vwfate_run13",
      "RepetitionTime": 1500.0,
      "Rows": 864,
      "SAR": 0.04494581368129,
      "SamplesPerPixel": 1,
      "ScanOptions": [
        "PFP",
        "FS"
],
      "ScanningSequence": "EP",
      "SequenceName": "*epfid2d1_72",
      "SequenceVariant": [
        "SK",
        "OSP"
],
      "SeriesDescription": "func_vwfate_run13",
      "SeriesNumber": 8,
      "SeriesTime": "171844.882000",
      "SliceLocation": -41.327085333503,
      "SliceThickness": 2.0,
      "SmallestImagePixelValue": 0,
      "SoftwareVersions": "syngo MR E11",
      "SpacingBetweenSlices": 2.0000000655709,
      "SpecificCharacterSet": "ISO_IR 100",
      "StudyID": "2",
      "StudyTime": "164858.928000",
      "TransmitCoilName": "Body",
      "VariableFlipAngleFlag": "N",
      "WindowCenterWidthExplanation": "Algo1",
      "dBdt": 0.0},
