{
  "AcquisitionMatrixPE": 70,
  "AcquisitionNumber": 1,
  "AcquisitionTime": "15:59:2.800000",
  "BaseResolution": 70,
  "BodyPartExamined": "BRAIN",
  "CoilCombinationMethod": "Sum of Squares",
  "ConsistencyInfo": "N4_VE11C_LATEST_20160120",
  "ConversionSoftware": "dcm2niix",
  "ConversionSoftwareVersion": "v1.0.20211006",
  "DeviceSerialNumber": "166011",
  "EchoNumber": 2,
  "EchoTime": 0.00738,
  "EchoTime1": 0.00492,
  "EchoTime2": 0.00738,
  "FlipAngle": 60,
  "ImageOrientationPatientDICOM": [
    0.999943,
    -0.0024469,
    0.0104159,
    0.00261785,
    0.999862,
    -0.0164309
  ],
  "ImageType": [
    "ORIGINAL",
    "PRIMARY",
    "P",
    "ND",
    "PHASE"
  ],
  "ImagingFrequency": 123.259,
  "InPlanePhaseEncodingDirectionDICOM": "ROW",
  "InstitutionAddress": "West 130th Street 610,NY,NYC,US,10025",
  "InstitutionName": "MBBI",
  "IntendedFor": [
    "ses-1/func/sub-161_ses-1_task-catLoc_run-01_bold.nii.gz",
    "ses-1/func/sub-161_ses-1_task-catLoc_run-02_bold.nii.gz",
    "ses-1/func/sub-161_ses-1_task-vwfate_run-01_bold.nii.gz",
    "ses-1/func/sub-161_ses-1_task-vwfate_run-02_bold.nii.gz",
    "ses-1/func/sub-161_ses-1_task-vwfate_run-03_bold.nii.gz",
    "ses-1/func/sub-161_ses-1_task-vwfate_run-04_bold.nii.gz",
    "ses-1/func/sub-161_ses-1_task-vwfate_run-05_bold.nii.gz",
    "ses-1/func/sub-161_ses-1_task-vwfate_run-06_bold.nii.gz"
  ],
  "MRAcquisitionType": "2D",
  "MagneticFieldStrength": 3,
  "Manufacturer": "Siemens",
  "ManufacturersModelName": "Prisma",
  "MatrixCoilMode": "SENSE",
  "Modality": "MR",
  "MultibandAccelerationFactor": 2,
  "PartialFourier": 1,
  "PatientPosition": "HFS",
  "PercentPhaseFOV": 100,
  "PercentSampling": 100,
  "PhaseEncodingDirection": "i",
  "PhaseEncodingSteps": 70,
  "PhaseResolution": 1,
  "PixelBandwidth": 595,
  "ProcedureStepDescription": "White^Word_recognition",
  "ProtocolName": "fmap_gre_field_mapping",
  "PulseSequenceDetails": "%SiemensSeq%\\gre_field_mapping",
  "ReceiveCoilActiveElements": "HC1-7",
  "ReceiveCoilName": "HeadNeck_64",
  "ReconMatrixPE": 70,
  "RepetitionTime": 0.52,
  "SAR": 0.0969414,
  "ScanningSequence": "GR",
  "SequenceName": "*fm2d2r",
  "SequenceVariant": "SP",
  "SeriesDescription": "fmap_gre_field_mapping",
  "SeriesNumber": 17,
  "ShimSetting": [
    -1144,
    -1368,
    629,
    513,
    -60,
    -119,
    -37,
    2
  ],
  "SliceThickness": 3,
  "SliceTiming": [
    0.25,
    0,
    0.26562,
    0,
    0.28125,
    0.01562,
    0.29688,
    0.03125,
    0.29688,
    0.04688,
    0.3125,
    0.0625,
    0.32812,
    0.0625,
    0.34375,
    0.07812,
    0.35938,
    0.09375,
    0.35938,
    0.10938,
    0.375,
    0.125,
    0.39062,
    0.125,
    0.40625,
    0.14062,
    0.42188,
    0.15625,
    0.42188,
    0.17188,
    0.4375,
    0.1875,
    0.45312,
    0.1875,
    0.46875,
    0.20312,
    0.48438,
    0.21875,
    0.48438,
    0.23438,
    0.5,
    0.25
  ],
  "SoftwareVersions": "syngo MR E11",
  "SpacingBetweenSlices": 3,
  "StationName": "AWP166011",
  "TxRefAmp": 217.235,
  "dcmmeta_affine": [
    [
      -2.999828338623047,
      0.007853549905121326,
      0.031122684478759766,
      110.19786071777344
    ],
    [
      0.007340689655393362,
      2.999584674835205,
      -0.04937171936035156,
      -81.40740203857422
    ],
    [
      0.03124767169356346,
      0.049292661249637604,
      2.999431610107422,
      -67.61160278320312
    ],
    [
      0.0,
      0.0,
      0.0,
      1.0
    ]
  ],
  "dcmmeta_reorient_transform": [
    [
      0.0,
      -1.0,
      0.0,
      69.0
    ],
    [
      1.0,
      0.0,
      0.0,
      0.0
    ],
    [
      0.0,
      0.0,
      -1.0,
      41.0
    ],
    [
      0.0,
      0.0,
      0.0,
      1.0
    ]
  ],
  "dcmmeta_shape": [
    70,
    70,
    42
  ],
  "dcmmeta_slice_dim": 2,
  "dcmmeta_version": 0.6,
  "global": {
    "const": {
      "AcquisitionMatrix": [
        0,
        70,
        70,
        0
      ],
      "AcquisitionNumber": 1,
      "AngioFlag": "N",
      "BitsAllocated": 16,
      "BitsStored": 12,
      "BodyPartExamined": "BRAIN",
      "Columns": 70,
      "EchoNumbers": 2,
      "EchoTime": 7.38,
      "EchoTrainLength": 0,
      "FlipAngle": 60.0,
      "HighBit": 11,
      "ImageOrientationPatient": [
        0.99994275932012,
        -0.0024468965671,
        0.0104158907667,
        0.00261785002689,
        0.99986157683374,
        -0.0164308865487
      ],
      "ImageType": [
        "ORIGINAL",
        "PRIMARY",
        "P",
        "ND"
      ],
      "ImagedNucleus": "1H",
      "ImagingFrequency": 123.259429,
      "InPlanePhaseEncodingDirection": "ROW",
      "MRAcquisitionType": "2D",
      "MagneticFieldStrength": 3.0,
      "Manufacturer": "SIEMENS",
      "ManufacturerModelName": "Prisma",
      "Modality": "MR",
      "NumberOfAverages": 1.0,
      "NumberOfPhaseEncodingSteps": 70,
      "PercentPhaseFieldOfView": 100.0,
      "PercentSampling": 100.0,
      "PerformedProcedureStepStartTime": "150030.112000",
      "PhotometricInterpretation": "MONOCHROME2",
      "PixelBandwidth": 595.0,
      "PixelRepresentation": 0,
      "PixelSpacing": [
        3.0,
        3.0
      ],
      "ProtocolName": "fmap_gre_field_mapping",
      "RepetitionTime": 520.0,
      "RescaleIntercept": -4096.0,
      "RescaleSlope": 2.0,
      "RescaleType": "US",
      "Rows": 70,
      "SAR": 0.09694142893934,
      "SamplesPerPixel": 1,
      "ScanningSequence": "GR",
      "SequenceName": "*fm2d2r",
      "SequenceVariant": "SP",
      "SeriesDescription": "fmap_gre_field_mapping",
      "SeriesNumber": 17,
      "SeriesTime": "160015.449000",
      "SliceThickness": 3.0,
      "SoftwareVersions": "syngo MR E11",
      "SpacingBetweenSlices": 3.0,
      "SpecificCharacterSet": "ISO_IR 100",
      "StudyID": "1",
      "StudyTime": "150030.048000",
      "TransmitCoilName": "Body",
      "VariableFlipAngleFlag": "N",
      "WindowCenterWidthExplanation": "Algo1",
      "dBdt": 0.0
    },
