{
  "AcquisitionMatrixPE": 72,
  "AcquisitionNumber": 1,
  "AcquisitionTime": "15:36:7.725000",
  "BandwidthPerPixelPhaseEncode": 17.943,
  "BaseResolution": 96,
  "BodyPartExamined": "BRAIN",
  "CoilCombinationMethod": "Sum of Squares",
  "ConsistencyInfo": "N4_VE11C_LATEST_20160120",
  "ConversionSoftware": "dcm2niix",
  "ConversionSoftwareVersion": "v1.0.20211006",
  "DerivedVendorReportedEchoSpacing": 0.000552897,
  "DeviceSerialNumber": "166011",
  "EchoTime": 0.03,
  "EchoTrainLength": 58,
  "EffectiveEchoSpacing": 0.000580542,
  "FlipAngle": 62,
  "ImageOrientationPatientDICOM": [0.996811, -0.0265968, 0.0752299, 0.0395133, 0.983631, -0.175806],
  "ImageType": [
    "ORIGINAL",
    "PRIMARY",
    "M",
    "ND",
    "MOSAIC"
],
  "ImagingFrequency": 123.259,
  "InPlanePhaseEncodingDirectionDICOM": "COL",
  "InstitutionAddress": "West 130th Street 610,NY,NYC,US,10025",
  "InstitutionName": "MBBI",
  "MRAcquisitionType": "2D",
  "MagneticFieldStrength": 3,
  "Manufacturer": "Siemens",
  "ManufacturersModelName": "Prisma",
  "Modality": "MR",
  "MultibandAccelerationFactor": 3,
  "PartialFourier": 0.75,
  "PatientPosition": "HFS",
  "PercentPhaseFOV": 100,
  "PercentSampling": 75,
  "PhaseEncodingDirection": "j-",
  "PhaseEncodingSteps": 58,
  "PhaseOversampling": 0.05,
  "PhaseResolution": 0.75,
  "PixelBandwidth": 2265,
  "ProcedureStepDescription": "White^Word_recognition",
  "ProtocolName": "func_vwfate_run16",
  "PulseSequenceDetails": "%SiemensSeq%\\ep2d_bold",
  "ReceiveCoilActiveElements": "HC1-7",
  "ReceiveCoilName": "HeadNeck_64",
  "ReconMatrixPE": 96,
  "RefLinesPE": 40,
  "RepetitionTime": 1.5,
  "SAR": 0.0525387,
  "ScanOptions": "PFP\\FS",
  "ScanningSequence": "EP",
  "SequenceName": "*epfid2d1_72",
  "SequenceVariant": "SK\\OSP",
  "SeriesDescription": "func_vwfate_run16",
  "SeriesNumber": 11,
  "ShimSetting": [-1133, -1332, 660, 409, -123, -40, -4, -4],
  "SliceThickness": 2,
  "SliceTiming": [1.0775, 0, 0.74, 0.0675, 0.8075, 0.135, 0.875, 0.2025, 0.9425, 0.27, 1.01, 0.4025, 1.1425, 0.47, 1.21, 0.5375, 1.2775, 0.605, 1.345, 0.6725, 1.4125, 0.3375, 1.0775, 0, 0.74, 0.0675, 0.8075, 0.135, 0.875, 0.2025, 0.9425, 0.27, 1.01, 0.4025, 1.1425, 0.47, 1.21, 0.5375, 1.2775, 0.605, 1.345, 0.6725, 1.4125, 0.3375, 1.0775, 0, 0.74, 0.0675, 0.8075, 0.135, 0.875, 0.2025, 0.9425, 0.27, 1.01, 0.4025, 1.1425, 0.47, 1.21, 0.5375, 1.2775, 0.605, 1.345, 0.6725, 1.4125, 0.3375],
  "SoftwareVersions": "syngo MR E11",
  "SpacingBetweenSlices": 2,
  "StationName": "AWP166011",
  "TaskName": "vwfate",
  "TotalReadoutTime": 0.0551515,
  "TxRefAmp": 245.956,
  "dcmmeta_affine": [
    [-1.993622899055481, 0.07902663201093674, 0.1386452317237854, 93.43112182617188],
    [0.053193554282188416, 1.967262864112854, -0.3564368784427643, -63.27562713623047],
    [0.15045981109142303, 0.3516128361225128, 1.9630920886993408, -89.84494018554688],
    [0.0, 0.0, 0.0, 1.0]
],
  "dcmmeta_reorient_transform": [
    [0.0, -1.0, 0.0, 95.0],
    [1.0, 0.0, 0.0, 0.0],
    [0.0, 0.0, 1.0, 0.0],
    [0.0, 0.0, 0.0, 1.0]
],
  "dcmmeta_shape": [96, 96, 66, 164],
  "dcmmeta_slice_dim": 2,
  "dcmmeta_version": 0.6,
  "global": {
    "const": {
      "AcquisitionMatrix": [96, 0, 0, 72],
      "AngioFlag": "N",
      "BitsAllocated": 16,
      "BitsStored": 12,
      "BodyPartExamined": "BRAIN",
      "Columns": 864,
      "EchoNumbers": 1,
      "EchoTime": 30.0,
      "EchoTrainLength": 58,
      "FlipAngle": 62.0,
      "HighBit": 11,
      "ImageOrientationPatient": [0.99681145285889, -0.0265967774638, 0.07522990680506, 0.03951331676275, 0.98363143603161, -0.1758064158351],
      "ImagePositionPatient": [-896.83607228184, -858.61696439649, 20.801035015364],
      "ImageType": [
        "ORIGINAL",
        "PRIMARY",
        "M",
        "ND",
        "MOSAIC"
],
      "ImagedNucleus": "1H",
      "ImagingFrequency": 123.259465,
      "InPlanePhaseEncodingDirection": "COL",
      "MRAcquisitionType": "2D",
      "MagneticFieldStrength": 3.0,
      "Manufacturer": "SIEMENS",
      "ManufacturerModelName": "Prisma",
      "Modality": "MR",
      "NumberOfAverages": 1.0,
      "NumberOfPhaseEncodingSteps": 58,
      "PercentPhaseFieldOfView": 100.0,
      "PercentSampling": 75.0,
      "PerformedProcedureStepStartTime": "144608.581000",
      "PhotometricInterpretation": "MONOCHROME2",
      "PixelBandwidth": 2265.0,
      "PixelRepresentation": 0,
      "PixelSpacing": [2.0, 2.0],
      "ProtocolName": "func_vwfate_run16",
      "RepetitionTime": 1500.0,
      "Rows": 864,
      "SAR": 0.05253873402972,
      "SamplesPerPixel": 1,
      "ScanOptions": [
        "PFP",
        "FS"
],
      "ScanningSequence": "EP",
      "SequenceName": "*epfid2d1_72",
      "SequenceVariant": [
        "SK",
        "OSP"
],
      "SeriesDescription": "func_vwfate_run16",
      "SeriesNumber": 11,
      "SeriesTime": "153637.493000",
      "SliceLocation": -70.433172465681,
      "SliceThickness": 2.0,
      "SmallestImagePixelValue": 0,
      "SoftwareVersions": "syngo MR E11",
      "SpacingBetweenSlices": 2.0000000280681,
      "SpecificCharacterSet": "ISO_IR 100",
      "StudyID": "3",
      "StudyTime": "144608.516000",
      "TransmitCoilName": "Body",
      "VariableFlipAngleFlag": "N",
      "WindowCenterWidthExplanation": "Algo1",
      "dBdt": 0.0},
