{
  "AcquisitionMatrixPE": 72,
  "AcquisitionNumber": 1,
  "AcquisitionTime": "09:19:37.115000",
  "BandwidthPerPixelPhaseEncode": 17.943,
  "BaseResolution": 96,
  "BodyPartExamined": "BRAIN",
  "CoilCombinationMethod": "Sum of Squares",
  "ConsistencyInfo": "N4_VE11C_LATEST_20160120",
  "ConversionSoftware": "dcm2niix",
  "ConversionSoftwareVersion": "v1.0.20211006",
  "DerivedVendorReportedEchoSpacing": 0.000552897,
  "DeviceSerialNumber": "166011",
  "EchoTime": 0.03,
  "EchoTrainLength": 58,
  "EffectiveEchoSpacing": 0.000580542,
  "FlipAngle": 62,
  "ImageOrientationPatientDICOM": [0.997548, -0.0699703, 0.00121562, 0.0699304, 0.996018, -0.0552904],
  "ImageType": [
    "ORIGINAL",
    "PRIMARY",
    "M",
    "ND",
    "MOSAIC"
],
  "ImagingFrequency": 123.26,
  "InPlanePhaseEncodingDirectionDICOM": "COL",
  "InstitutionAddress": "West 130th Street 610,NY,NYC,US,10025",
  "InstitutionName": "MBBI",
  "MRAcquisitionType": "2D",
  "MagneticFieldStrength": 3,
  "Manufacturer": "Siemens",
  "ManufacturersModelName": "Prisma",
  "Modality": "MR",
  "MultibandAccelerationFactor": 3,
  "PartialFourier": 0.75,
  "PatientPosition": "HFS",
  "PercentPhaseFOV": 100,
  "PercentSampling": 75,
  "PhaseEncodingDirection": "j-",
  "PhaseEncodingSteps": 58,
  "PhaseOversampling": 0.05,
  "PhaseResolution": 0.75,
  "PixelBandwidth": 2265,
  "ProcedureStepDescription": "White^Word_recognition",
  "ProtocolName": "func_vwfate_run8",
  "PulseSequenceDetails": "%SiemensSeq%\\ep2d_bold",
  "ReceiveCoilActiveElements": "HC1-7",
  "ReceiveCoilName": "HeadNeck_64",
  "ReconMatrixPE": 96,
  "RefLinesPE": 40,
  "RepetitionTime": 1.5,
  "SAR": 0.0451037,
  "ScanOptions": "PFP\\FS",
  "ScanningSequence": "EP",
  "SequenceName": "*epfid2d1_72",
  "SequenceVariant": "SK\\OSP",
  "SeriesDescription": "func_vwfate_run8",
  "SeriesNumber": 9,
  "ShimSetting": [-1143, -1363, 667, 604, -14, -138, 12, -2],
  "SliceThickness": 2,
  "SliceTiming": [1.0775, 0, 0.74, 0.0675, 0.8075, 0.135, 0.875, 0.2025, 0.9425, 0.27, 1.01, 0.405, 1.145, 0.4725, 1.2125, 0.54, 1.2775, 0.605, 1.345, 0.6725, 1.4125, 0.3375, 1.0775, 0, 0.74, 0.0675, 0.8075, 0.135, 0.875, 0.2025, 0.9425, 0.27, 1.01, 0.405, 1.145, 0.4725, 1.2125, 0.54, 1.2775, 0.605, 1.345, 0.6725, 1.4125, 0.3375, 1.0775, 0, 0.74, 0.0675, 0.8075, 0.135, 0.875, 0.2025, 0.9425, 0.27, 1.01, 0.405, 1.145, 0.4725, 1.2125, 0.54, 1.2775, 0.605, 1.345, 0.6725, 1.4125, 0.3375],
  "SoftwareVersions": "syngo MR E11",
  "SpacingBetweenSlices": 2,
  "StationName": "AWP166011",
  "TaskName": "vwfate",
  "TotalReadoutTime": 0.0551515,
  "TxRefAmp": 215.643,
  "dcmmeta_affine": [
    [-1.9950966835021973, 0.13986074924468994, -0.0053158109076321125, 93.7730941772461],
    [0.13994061946868896, 1.9920368194580078, -0.11047980189323425, -86.21200561523438],
    [0.0024312480818480253, 0.11058088392019272, 1.9969391822814941, -63.84855651855469],
    [0.0, 0.0, 0.0, 1.0]
],
  "dcmmeta_reorient_transform": [
    [0.0, -1.0, 0.0, 95.0],
    [1.0, 0.0, 0.0, 0.0],
    [0.0, 0.0, 1.0, 0.0],
    [0.0, 0.0, 0.0, 1.0]
],
  "dcmmeta_shape": [96, 96, 66, 164],
  "dcmmeta_slice_dim": 2,
  "dcmmeta_version": 0.6,
  "global": {
    "const": {
      "AcquisitionMatrix": [96, 0, 0, 72],
      "AngioFlag": "N",
      "BitsAllocated": 16,
      "BitsStored": 12,
      "BodyPartExamined": "BRAIN",
      "Columns": 864,
      "EchoNumbers": 1,
      "EchoTime": 30.0,
      "EchoTrainLength": 58,
      "FlipAngle": 62.0,
      "HighBit": 11,
      "ImageOrientationPatient": [0.99754833392111, -0.0699703061987, 0.00121562399278, 0.06993037273245, 0.99601842848557, -0.0552904429955],
      "ImagePositionPatient": [-926.8835083905, -814.23645228967, -11.813909909459],
      "ImageType": [
        "ORIGINAL",
        "PRIMARY",
        "M",
        "ND",
        "MOSAIC"
],
      "ImagedNucleus": "1H",
      "ImagingFrequency": 123.25954,
      "InPlanePhaseEncodingDirection": "COL",
      "MRAcquisitionType": "2D",
      "MagneticFieldStrength": 3.0,
      "Manufacturer": "SIEMENS",
      "ManufacturerModelName": "Prisma",
      "Modality": "MR",
      "NumberOfAverages": 1.0,
      "NumberOfPhaseEncodingSteps": 58,
      "PercentPhaseFieldOfView": 100.0,
      "PercentSampling": 75.0,
      "PerformedProcedureStepStartTime": "083618.908000",
      "PhotometricInterpretation": "MONOCHROME2",
      "PixelBandwidth": 2265.0,
      "PixelRepresentation": 0,
      "PixelSpacing": [2.0, 2.0],
      "ProtocolName": "func_vwfate_run8",
      "RepetitionTime": 1500.0,
      "Rows": 864,
      "SAR": 0.0451037169798,
      "SamplesPerPixel": 1,
      "ScanOptions": [
        "PFP",
        "FS"
],
      "ScanningSequence": "EP",
      "SequenceName": "*epfid2d1_72",
      "SequenceVariant": [
        "SK",
        "OSP"
],
      "SeriesDescription": "func_vwfate_run8",
      "SeriesNumber": 9,
      "SeriesTime": "092013.142000",
      "SliceLocation": -59.237737045005,
      "SliceThickness": 2.0,
      "SmallestImagePixelValue": 0,
      "SoftwareVersions": "syngo MR E11",
      "SpacingBetweenSlices": 2.0000000575478,
      "SpecificCharacterSet": "ISO_IR 100",
      "StudyID": "2",
      "StudyTime": "083618.844000",
      "TransmitCoilName": "Body",
      "VariableFlipAngleFlag": "N",
      "WindowCenterWidthExplanation": "Algo1",
      "dBdt": 0.0},
