{
  "AcquisitionMatrixPE": 224,
  "AcquisitionNumber": 1,
  "AcquisitionTime": "17:03:45.352500",
  "BaseResolution": 224,
  "BodyPartExamined": "BRAIN",
  "CoilCombinationMethod": "Adaptive Combine",
  "ConsistencyInfo": "N4_VE11C_LATEST_20160120",
  "ConversionSoftware": "dcm2niix",
  "ConversionSoftwareVersion": "v1.0.20211006",
  "DeviceSerialNumber": "166011",
  "EchoTime": 0.00191,
  "FlipAngle": 8,
  "ImageOrientationPatientDICOM": [0.00651492, 0.991719, 0.128261, -0.0147806, 0.128345, -0.991619],
  "ImageType": [
    "ORIGINAL",
    "PRIMARY",
    "M",
    "ND",
    "NORM"
],
  "ImagingFrequency": 123.259,
  "InPlanePhaseEncodingDirectionDICOM": "ROW",
  "InstitutionAddress": "West 130th Street 610,NY,NYC,US,10025",
  "InstitutionName": "MBBI",
  "InversionTime": 1.13,
  "MRAcquisitionType": "3D",
  "MagneticFieldStrength": 3,
  "Manufacturer": "Siemens",
  "ManufacturersModelName": "Prisma",
  "MatrixCoilMode": "GRAPPA",
  "Modality": "MR",
  "ParallelReductionFactorInPlane": 2,
  "PartialFourier": 1,
  "PatientPosition": "HFS",
  "PercentPhaseFOV": 100,
  "PercentSampling": 100,
  "PhaseEncodingSteps": 223,
  "PhaseResolution": 1,
  "PixelBandwidth": 260,
  "ProcedureStepDescription": "White^Word_recognition",
  "ProtocolName": "anat_t1_mprage_sag_p2_1mm_iso",
  "PulseSequenceDetails": "%SiemensSeq%\\tfl",
  "ReceiveCoilActiveElements": "HC1-7",
  "ReceiveCoilName": "HeadNeck_64",
  "ReconMatrixPE": 224,
  "RefLinesPE": 24,
  "RepetitionTime": 2.4,
  "SAR": 0.0478997,
  "ScanOptions": "IR",
  "ScanningSequence": "GR\\IR",
  "SequenceName": "*tfl3d1_16ns",
  "SequenceVariant": "SK\\SP\\MP",
  "SeriesDescription": "anat_t1_mprage_sag_p2_1mm_iso",
  "SeriesNumber": 5,
  "ShimSetting": [-1151, -1368, 629, 230, -47, -395, 149, 40],
  "SliceThickness": 1,
  "SoftwareVersions": "syngo MR E11",
  "SpoilingState": true,
  "StationName": "AWP166011",
  "TxRefAmp": 228.524,
  "dcmmeta_affine": [
    [0.9998695254325867, 0.006514917593449354, -0.014780567958950996, -101.3008804321289],
    [-0.004564548842608929, 0.9917190670967102, 0.12834519147872925, -86.83902740478516],
    [0.015494328923523426, -0.12826097011566162, 0.9916194081306458, -139.65267944335938],
    [0.0, 0.0, 0.0, 1.0]
],
  "dcmmeta_reorient_transform": [
    [0.0, 0.0, -1.0, 223.0],
    [0.0, -1.0, 0.0, 223.0],
    [-1.0, 0.0, 0.0, 207.0],
    [0.0, 0.0, 0.0, 1.0]
],
  "dcmmeta_shape": [208, 224, 224],
  "dcmmeta_slice_dim": 0,
  "dcmmeta_version": 0.6,
  "global": {
    "const": {
      "AcquisitionMatrix": [0, 224, 224, 0],
      "AcquisitionNumber": 1,
      "AcquisitionTime": "170345.352500",
      "AngioFlag": "N",
      "BitsAllocated": 16,
      "BitsStored": 12,
      "BodyPartExamined": "BRAIN",
      "Columns": 224,
      "EchoNumbers": 1,
      "EchoTime": 1.91,
      "EchoTrainLength": 1,
      "FlipAngle": 8.0,
      "HighBit": 11,
      "ImageOrientationPatient": [0.00651491765552, 0.9917190520396, 0.12826097485057, -0.0147805680577, 0.12834518579487, -0.991619406875],
      "ImageType": [
        "ORIGINAL",
        "PRIMARY",
        "M",
        "ND",
        "NORM"
],
      "ImagedNucleus": "1H",
      "ImagingFrequency": 123.259498,
      "InPlanePhaseEncodingDirection": "ROW",
      "InversionTime": 1130.0,
      "MRAcquisitionType": "3D",
      "MagneticFieldStrength": 3.0,
      "Manufacturer": "SIEMENS",
      "ManufacturerModelName": "Prisma",
      "Modality": "MR",
      "NumberOfAverages": 1.0,
      "NumberOfPhaseEncodingSteps": 223,
      "PercentPhaseFieldOfView": 100.0,
      "PercentSampling": 100.0,
      "PerformedProcedureStepStartTime": "164451.895000",
      "PhotometricInterpretation": "MONOCHROME2",
      "PixelBandwidth": 260.0,
      "PixelRepresentation": 0,
      "PixelSpacing": [1.0, 1.0],
      "ProtocolName": "anat_t1_mprage_sag_p2_1mm_iso",
      "RepetitionTime": 2400.0,
      "Rows": 224,
      "SAR": 0.04789965985195,
      "SamplesPerPixel": 1,
      "ScanOptions": "IR",
      "ScanningSequence": [
        "GR",
        "IR"
],
      "SequenceName": "*tfl3d1_16ns",
      "SequenceVariant": [
        "SK",
        "SP",
        "MP"
],
      "SeriesDescription": "anat_t1_mprage_sag_p2_1mm_iso",
      "SeriesNumber": 5,
      "SeriesTime": "170851.848000",
      "SliceThickness": 1.0,
      "SmallestImagePixelValue": 0,
      "SoftwareVersions": "syngo MR E11",
      "SpecificCharacterSet": "ISO_IR 100",
      "StudyID": "1",
      "StudyTime": "164451.814000",
      "TransmitCoilName": "Body",
      "VariableFlipAngleFlag": "N",
      "WindowCenterWidthExplanation": "Algo1",
      "dBdt": 0.0},
