{
  "AcquisitionMatrixPE": 72,
  "AcquisitionNumber": 1,
  "AcquisitionTime": "14:30:31.977500",
  "BandwidthPerPixelPhaseEncode": 17.943,
  "BaseResolution": 96,
  "BodyPartExamined": "BRAIN",
  "CoilCombinationMethod": "Sum of Squares",
  "ConsistencyInfo": "N4_VE11C_LATEST_20160120",
  "ConversionSoftware": "dcm2niix",
  "ConversionSoftwareVersion": "v1.0.20211006",
  "DerivedVendorReportedEchoSpacing": 0.000552897,
  "DeviceSerialNumber": "166011",
  "EchoTime": 0.03,
  "EchoTrainLength": 58,
  "EffectiveEchoSpacing": 0.000580542,
  "FlipAngle": 62,
  "ImageOrientationPatientDICOM": [0.99721, 0.0256127, 0.0701164, -0.00887652, 0.973316, -0.229297],
  "ImageType": [
    "ORIGINAL",
    "PRIMARY",
    "M",
    "ND",
    "MOSAIC"
],
  "ImagingFrequency": 123.259,
  "InPlanePhaseEncodingDirectionDICOM": "COL",
  "InstitutionAddress": "West 130th Street 610,NY,NYC,US,10025",
  "InstitutionName": "MBBI",
  "MRAcquisitionType": "2D",
  "MagneticFieldStrength": 3,
  "Manufacturer": "Siemens",
  "ManufacturersModelName": "Prisma",
  "Modality": "MR",
  "MultibandAccelerationFactor": 3,
  "PartialFourier": 0.75,
  "PatientPosition": "HFS",
  "PercentPhaseFOV": 100,
  "PercentSampling": 75,
  "PhaseEncodingDirection": "j-",
  "PhaseEncodingSteps": 58,
  "PhaseOversampling": 0.05,
  "PhaseResolution": 0.75,
  "PixelBandwidth": 2265,
  "ProcedureStepDescription": "White^Word_recognition",
  "ProtocolName": "func_vwfate_run5",
  "PulseSequenceDetails": "%SiemensSeq%\\ep2d_bold",
  "ReceiveCoilActiveElements": "HC1-7",
  "ReceiveCoilName": "HeadNeck_64",
  "ReconMatrixPE": 96,
  "RefLinesPE": 40,
  "RepetitionTime": 1.5,
  "SAR": 0.0501957,
  "ScanOptions": "PFP\\FS",
  "ScanningSequence": "EP",
  "SequenceName": "*epfid2d1_72",
  "SequenceVariant": "SK\\OSP",
  "SeriesDescription": "func_vwfate_run5",
  "SeriesNumber": 14,
  "ShimSetting": [-1143, -1321, 650, 400, -69, -65, -66, -8],
  "SliceThickness": 2,
  "SliceTiming": [1.0775, 0, 0.74, 0.0675, 0.8075, 0.135, 0.875, 0.2025, 0.9425, 0.27, 1.01, 0.405, 1.145, 0.4725, 1.2125, 0.54, 1.28, 0.605, 1.345, 0.6725, 1.4125, 0.3375, 1.0775, 0, 0.74, 0.0675, 0.8075, 0.135, 0.875, 0.2025, 0.9425, 0.27, 1.01, 0.405, 1.145, 0.4725, 1.2125, 0.54, 1.28, 0.605, 1.345, 0.6725, 1.4125, 0.3375, 1.0775, 0, 0.74, 0.0675, 0.8075, 0.135, 0.875, 0.2025, 0.9425, 0.27, 1.01, 0.405, 1.145, 0.4725, 1.2125, 0.54, 1.28, 0.605, 1.345, 0.6725, 1.4125, 0.3375],
  "SoftwareVersions": "syngo MR E11",
  "SpacingBetweenSlices": 2,
  "StationName": "AWP166011",
  "TaskName": "vwfate",
  "TotalReadoutTime": 0.0551515,
  "TxRefAmp": 242.786,
  "dcmmeta_affine": [
    [-1.9944199323654175, -0.01775304041802883, 0.14823664724826813, 99.9979476928711],
    [-0.051225364208221436, 1.9466320276260376, -0.4560697376728058, -54.68618392944336],
    [0.14023278653621674, 0.45859402418136597, 1.9416555166244507, -96.10363006591797],
    [0.0, 0.0, 0.0, 1.0]
],
  "dcmmeta_reorient_transform": [
    [0.0, -1.0, 0.0, 95.0],
    [1.0, 0.0, 0.0, 0.0],
    [0.0, 0.0, 1.0, 0.0],
    [0.0, 0.0, 0.0, 1.0]
],
  "dcmmeta_shape": [96, 96, 66, 164],
  "dcmmeta_slice_dim": 2,
  "dcmmeta_version": 0.6,
  "global": {
    "const": {
      "AcquisitionMatrix": [96, 0, 0, 72],
      "AngioFlag": "N",
      "BitsAllocated": 16,
      "BitsStored": 12,
      "BodyPartExamined": "BRAIN",
      "Columns": 864,
      "EchoNumbers": 1,
      "EchoTime": 30.0,
      "EchoTrainLength": 58,
      "FlipAngle": 62.0,
      "HighBit": 11,
      "ImageOrientationPatient": [0.99720994864603, 0.0256126825442, 0.07011639476089, -0.0088765202685, 0.97331602577555, -0.2292970155855],
      "ImagePositionPatient": [-857.35148551672, -897.42111037864, 69.713521541378],
      "ImageType": [
        "ORIGINAL",
        "PRIMARY",
        "M",
        "ND",
        "MOSAIC"
],
      "ImagedNucleus": "1H",
      "ImagingFrequency": 123.259423,
      "InPlanePhaseEncodingDirection": "COL",
      "MRAcquisitionType": "2D",
      "MagneticFieldStrength": 3.0,
      "Manufacturer": "SIEMENS",
      "ManufacturerModelName": "Prisma",
      "Modality": "MR",
      "NumberOfAverages": 1.0,
      "NumberOfPhaseEncodingSteps": 58,
      "PercentPhaseFieldOfView": 100.0,
      "PercentSampling": 75.0,
      "PerformedProcedureStepStartTime": "132525.019000",
      "PhotometricInterpretation": "MONOCHROME2",
      "PixelBandwidth": 2265.0,
      "PixelRepresentation": 0,
      "PixelSpacing": [2.0, 2.0],
      "ProtocolName": "func_vwfate_run5",
      "RepetitionTime": 1500.0,
      "Rows": 864,
      "SAR": 0.05019573612505,
      "SamplesPerPixel": 1,
      "ScanOptions": [
        "PFP",
        "FS"
],
      "ScanningSequence": "EP",
      "SequenceName": "*epfid2d1_72",
      "SequenceVariant": [
        "SK",
        "OSP"
],
      "SeriesDescription": "func_vwfate_run5",
      "SeriesNumber": 14,
      "SeriesTime": "143104.656000",
      "SliceLocation": -73.418034385891,
      "SliceThickness": 2.0,
      "SmallestImagePixelValue": 0,
      "SoftwareVersions": "syngo MR E11",
      "SpacingBetweenSlices": 2.000000003212,
      "SpecificCharacterSet": "ISO_IR 100",
      "StudyID": "1",
      "StudyTime": "132524.946000",
      "TransmitCoilName": "Body",
      "VariableFlipAngleFlag": "N",
      "WindowCenterWidthExplanation": "Algo1",
      "dBdt": 0.0},
