{
  "AcquisitionMatrixPE": 70,
  "AcquisitionNumber": 1,
  "AcquisitionTime": "10:00:42.795000",
  "BaseResolution": 70,
  "BodyPartExamined": "BRAIN",
  "CoilCombinationMethod": "Sum of Squares",
  "ConsistencyInfo": "N4_VE11C_LATEST_20160120",
  "ConversionSoftware": "dcm2niix",
  "ConversionSoftwareVersion": "v1.0.20211006",
  "DeviceSerialNumber": "166011",
  "EchoNumber": 2,
  "EchoTime": 0.00738,
  "FlipAngle": 60,
  "ImageOrientationPatientDICOM": [
    0.997518,
    -0.0703965,
    0.0012122,
    0.0699282,
    0.988584,
    -0.133458
  ],
  "ImageType": [
    "ORIGINAL",
    "PRIMARY",
    "M",
    "ND"
  ],
  "ImagingFrequency": 123.26,
  "InPlanePhaseEncodingDirectionDICOM": "ROW",
  "InstitutionAddress": "West 130th Street 610,NY,NYC,US,10025",
  "InstitutionName": "MBBI",
  "MRAcquisitionType": "2D",
  "MagneticFieldStrength": 3,
  "Manufacturer": "Siemens",
  "ManufacturersModelName": "Prisma",
  "MatrixCoilMode": "SENSE",
  "Modality": "MR",
  "PartialFourier": 1,
  "PatientPosition": "HFS",
  "PercentPhaseFOV": 100,
  "PercentSampling": 100,
  "PhaseEncodingDirection": "i",
  "PhaseEncodingSteps": 70,
  "PhaseResolution": 1,
  "PixelBandwidth": 595,
  "ProcedureStepDescription": "White^Word_recognition",
  "ProtocolName": "fmap_gre_field_mapping",
  "PulseSequenceDetails": "%SiemensSeq%\\gre_field_mapping",
  "ReceiveCoilActiveElements": "HC1-7",
  "ReceiveCoilName": "HeadNeck_64",
  "ReconMatrixPE": 70,
  "RepetitionTime": 0.52,
  "SAR": 0.085646,
  "ScanningSequence": "GR",
  "SequenceName": "*fm2d2r",
  "SequenceVariant": "SP",
  "SeriesDescription": "fmap_gre_field_mapping",
  "SeriesNumber": 16,
  "ShimSetting": [
    -1143,
    -1363,
    672,
    603,
    -9,
    -136,
    21,
    0
  ],
  "SliceThickness": 3,
  "SliceTiming": [
    0.26562,
    0,
    0.27344,
    0.01562,
    0.28906,
    0.03125,
    0.30469,
    0.03906,
    0.3125,
    0.05469,
    0.32812,
    0.0625,
    0.33594,
    0.07812,
    0.35156,
    0.09375,
    0.36719,
    0.10156,
    0.375,
    0.11719,
    0.38281,
    0.125,
    0.39844,
    0.14062,
    0.41406,
    0.14844,
    0.42188,
    0.16406,
    0.4375,
    0.17969,
    0.44531,
    0.1875,
    0.46094,
    0.20312,
    0.47656,
    0.21094,
    0.48438,
    0.22656,
    0.5,
    0.24219,
    0.50781,
    0.25
  ],
  "SoftwareVersions": "syngo MR E11",
  "SpacingBetweenSlices": 3,
  "StationName": "AWP166011",
  "TxRefAmp": 215.643
}