{
  "AcquisitionMatrixPE": 70,
  "AcquisitionNumber": 1,
  "AcquisitionTime": "18:25:22.225000",
  "BaseResolution": 70,
  "BodyPartExamined": "BRAIN",
  "CoilCombinationMethod": "Sum of Squares",
  "ConsistencyInfo": "N4_VE11C_LATEST_20160120",
  "ConversionSoftware": "dcm2niix",
  "ConversionSoftwareVersion": "v1.0.20211006",
  "DeviceSerialNumber": "166011",
  "EchoNumber": 2,
  "EchoTime": 0.00738,
  "FlipAngle": 60,
  "ImageOrientationPatientDICOM": [
    0.997699,
    0.0122535,
    0.0666811,
    -0.0142797,
    0.999448,
    0.0299961
  ],
  "ImageType": [
    "ORIGINAL",
    "PRIMARY",
    "M",
    "ND"
  ],
  "ImagingFrequency": 123.259,
  "InPlanePhaseEncodingDirectionDICOM": "ROW",
  "InstitutionAddress": "West 130th Street 610,NY,NYC,US,10025",
  "InstitutionName": "MBBI",
  "MRAcquisitionType": "2D",
  "MagneticFieldStrength": 3,
  "Manufacturer": "Siemens",
  "ManufacturersModelName": "Prisma",
  "MatrixCoilMode": "SENSE",
  "Modality": "MR",
  "MultibandAccelerationFactor": 2,
  "PartialFourier": 1,
  "PatientPosition": "HFS",
  "PercentPhaseFOV": 100,
  "PercentSampling": 100,
  "PhaseEncodingDirection": "i",
  "PhaseEncodingSteps": 70,
  "PhaseResolution": 1,
  "PixelBandwidth": 595,
  "ProcedureStepDescription": "White^Word_recognition",
  "ProtocolName": "fmap_gre_field_mapping",
  "PulseSequenceDetails": "%SiemensSeq%\\gre_field_mapping",
  "ReceiveCoilActiveElements": "HC1-6",
  "ReceiveCoilName": "HeadNeck_64",
  "ReconMatrixPE": 70,
  "RepetitionTime": 0.643,
  "SAR": 0.120976,
  "ScanningSequence": "GR",
  "SequenceName": "*fm2d2r",
  "SequenceVariant": "SP",
  "SeriesDescription": "fmap_gre_field_mapping",
  "SeriesNumber": 17,
  "ShimSetting": [
    -1137,
    -1403,
    681,
    526,
    -116,
    -40,
    -24,
    -39
  ],
  "SliceThickness": 2,
  "SliceTiming": [
    0.3125,
    0,
    0.32812,
    0,
    0.34375,
    0.01562,
    0.34375,
    0.03125,
    0.35938,
    0.03125,
    0.35938,
    0.04688,
    0.375,
    0.0625,
    0.39062,
    0.0625,
    0.39062,
    0.07812,
    0.40625,
    0.07812,
    0.42188,
    0.09375,
    0.42188,
    0.10938,
    0.4375,
    0.10938,
    0.4375,
    0.125,
    0.45312,
    0.14062,
    0.46875,
    0.14062,
    0.46875,
    0.15625,
    0.48438,
    0.15625,
    0.5,
    0.17188,
    0.5,
    0.1875,
    0.51562,
    0.1875,
    0.53125,
    0.20312,
    0.53125,
    0.21875,
    0.54688,
    0.21875,
    0.54688,
    0.23438,
    0.5625,
    0.23438,
    0.57812,
    0.25,
    0.57812,
    0.26562,
    0.59375,
    0.26562,
    0.59375,
    0.28125,
    0.60938,
    0.28125,
    0.625,
    0.29688,
    0.625,
    0.3125
  ],
  "SoftwareVersions": "syngo MR E11",
  "SpacingBetweenSlices": 2,
  "StationName": "AWP166011",
  "TxRefAmp": 216.676
}