{
  "AcquisitionMatrixPE": 224,
  "AcquisitionNumber": 1,
  "AcquisitionTime": "08:16:36.355000",
  "BaseResolution": 224,
  "BodyPartExamined": "BRAIN",
  "CoilCombinationMethod": "Adaptive Combine",
  "ConsistencyInfo": "N4_VE11C_LATEST_20160120",
  "ConversionSoftware": "dcm2niix",
  "ConversionSoftwareVersion": "v1.0.20211006",
  "DeviceSerialNumber": "166011",
  "DwellTime": 8.6e-06,
  "EchoTime": 0.00191,
  "FlipAngle": 8,
  "ImageOrientationPatientDICOM": [0.00626926, 0.997205, 0.074456, 0.00439336, 0.0744293, -0.997217],
  "ImageOrientationText": "Sag>Cor(0.4)>Tra(-0.2)",
  "ImageType": [
    "ORIGINAL",
    "PRIMARY",
    "M",
    "ND",
    "NORM"
],
  "ImagingFrequency": 123.259,
  "InPlanePhaseEncodingDirectionDICOM": "ROW",
  "InstitutionAddress": "West 130th Street 610,NY,NYC,US,10025",
  "InstitutionName": "MBBI",
  "InstitutionalDepartmentName": "Department",
  "InversionTime": 1.13,
  "MRAcquisitionType": "3D",
  "MagneticFieldStrength": 3,
  "Manufacturer": "Siemens",
  "ManufacturersModelName": "Prisma",
  "MatrixCoilMode": "GRAPPA",
  "Modality": "MR",
  "ParallelReductionFactorInPlane": 2,
  "PartialFourier": 1,
  "PatientPosition": "HFS",
  "PercentPhaseFOV": 100,
  "PercentSampling": 100,
  "PhaseEncodingSteps": 223,
  "PhaseResolution": 1,
  "PixelBandwidth": 260,
  "ProcedureStepDescription": "White^Word_recognition",
  "ProtocolName": "anat_t1_mprage_sag_p2_1mm_iso",
  "PulseSequenceDetails": "%SiemensSeq%\\tfl",
  "ReceiveCoilActiveElements": "HC1-7",
  "ReceiveCoilName": "HeadNeck_64",
  "ReconMatrixPE": 224,
  "RefLinesPE": 24,
  "RepetitionTime": 2.4,
  "SAR": 0.0490762,
  "ScanOptions": "IR",
  "ScanningSequence": "GR\\IR",
  "SequenceName": "*tfl3d1_16ns",
  "SequenceVariant": "SK\\SP\\MP",
  "SeriesDescription": "anat_t1_mprage_sag_p2_1mm_iso",
  "SeriesNumber": 5,
  "ShimSetting": [-1153, -1426, 623, 321, -76, -376, -10, 11],
  "SliceThickness": 1,
  "SoftwareVersions": "syngo MR E11",
  "SpoilingState": true,
  "StationName": "AWP166011",
  "TxRefAmp": 217.84,
  "dcmmeta_affine": [
    [0.9999706745147705, 0.006269260309636593, 0.00439336197450757, -99.49907684326172],
    [-0.006578922737389803, 0.997204601764679, 0.07442929595708847, -93.4847183227539],
    [-0.0039144642651081085, -0.07445602118968964, 0.9972166419029236, -121.21656799316406],
    [0.0, 0.0, 0.0, 1.0]
],
  "dcmmeta_reorient_transform": [
    [0.0, 0.0, -1.0, 223.0],
    [0.0, -1.0, 0.0, 223.0],
    [-1.0, 0.0, 0.0, 207.0],
    [0.0, 0.0, 0.0, 1.0]
],
  "dcmmeta_shape": [208, 224, 224],
  "dcmmeta_slice_dim": 0,
  "dcmmeta_version": 0.6,
  "global": {
    "const": {
      "AcquisitionMatrix": [0, 224, 224, 0],
      "AcquisitionNumber": 1,
      "AcquisitionTime": "081636.355000",
      "AngioFlag": "N",
      "BitsAllocated": 16,
      "BitsStored": 12,
      "BodyPartExamined": "BRAIN",
      "Columns": 224,
      "EchoNumbers": 1,
      "EchoTime": 1.91,
      "EchoTrainLength": 1,
      "FlipAngle": 8.0,
      "HighBit": 11,
      "ImageOrientationPatient": [0.00626926014028, 0.99720459150244, 0.07445602100403, 0.00439336194114, 0.07442929842159, -0.9972166153386],
      "ImageType": [
        "ORIGINAL",
        "PRIMARY",
        "M",
        "ND",
        "NORM"
],
      "ImagedNucleus": "1H",
      "ImagingFrequency": 123.259494,
      "InPlanePhaseEncodingDirection": "ROW",
      "InversionTime": 1130.0,
      "MRAcquisitionType": "3D",
      "MagneticFieldStrength": 3.0,
      "Manufacturer": "SIEMENS",
      "ManufacturerModelName": "Prisma",
      "Modality": "MR",
      "NumberOfAverages": 1.0,
      "NumberOfPhaseEncodingSteps": 223,
      "PercentPhaseFieldOfView": 100.0,
      "PercentSampling": 100.0,
      "PerformedProcedureStepStartTime": "075246.446000",
      "PhotometricInterpretation": "MONOCHROME2",
      "PixelBandwidth": 260.0,
      "PixelRepresentation": 0,
      "PixelSpacing": [1.0, 1.0],
      "ProtocolName": "anat_t1_mprage_sag_p2_1mm_iso",
      "RepetitionTime": 2400.0,
      "Rows": 224,
      "SAR": 0.04907619235602,
      "SamplesPerPixel": 1,
      "ScanOptions": "IR",
      "ScanningSequence": [
        "GR",
        "IR"
],
      "SequenceName": "*tfl3d1_16ns",
      "SequenceVariant": [
        "SK",
        "SP",
        "MP"
],
      "SeriesDescription": "anat_t1_mprage_sag_p2_1mm_iso",
      "SeriesNumber": 5,
      "SeriesTime": "082139.015000",
      "SliceThickness": 1.0,
      "SmallestImagePixelValue": 0,
      "SoftwareVersions": "syngo MR E11",
      "SpecificCharacterSet": "ISO_IR 100",
      "StudyID": "2",
      "StudyTime": "075246.375000",
      "TransmitCoilName": "Body",
      "VariableFlipAngleFlag": "N",
      "WindowCenter": 547.0,
      "WindowWidth": 1168.0,
      "dBdt": 0.0},
