{
  "AcquisitionMatrixPE": 70,
  "AcquisitionNumber": 1,
  "AcquisitionTime": "11:12:34.500000",
  "BaseResolution": 70,
  "BodyPartExamined": "BRAIN",
  "CoilCombinationMethod": "Sum of Squares",
  "ConsistencyInfo": "N4_VE11C_LATEST_20160120",
  "ConversionSoftware": "dcm2niix",
  "ConversionSoftwareVersion": "v1.0.20211006",
  "DeviceSerialNumber": "166011",
  "EchoNumber": 2,
  "EchoTime": 0.00738,
  "FlipAngle": 60,
  "ImageOrientationPatientDICOM": [
    0.999599,
    -0.0231311,
    0.0163264,
    0.025128,
    0.990508,
    -0.135142
  ],
  "ImageType": [
    "ORIGINAL",
    "PRIMARY",
    "M",
    "ND"
  ],
  "ImagingFrequency": 123.26,
  "InPlanePhaseEncodingDirectionDICOM": "ROW",
  "InstitutionAddress": "West 130th Street 610,NY,NYC,US,10025",
  "InstitutionName": "MBBI",
  "MRAcquisitionType": "2D",
  "MagneticFieldStrength": 3,
  "Manufacturer": "Siemens",
  "ManufacturersModelName": "Prisma",
  "MatrixCoilMode": "SENSE",
  "Modality": "MR",
  "PartialFourier": 1,
  "PatientPosition": "HFS",
  "PercentPhaseFOV": 100,
  "PercentSampling": 100,
  "PhaseEncodingDirection": "i",
  "PhaseEncodingSteps": 70,
  "PhaseResolution": 1,
  "PixelBandwidth": 595,
  "ProcedureStepDescription": "White^Word_recognition",
  "ProtocolName": "fmap_gre_field_mapping",
  "PulseSequenceDetails": "%SiemensSeq%\\gre_field_mapping",
  "ReceiveCoilActiveElements": "HC1-7",
  "ReceiveCoilName": "HeadNeck_64",
  "ReconMatrixPE": 70,
  "RepetitionTime": 0.52,
  "SAR": 0.0879778,
  "ScanningSequence": "GR",
  "SequenceName": "*fm2d2r",
  "SequenceVariant": "SP",
  "SeriesDescription": "fmap_gre_field_mapping",
  "SeriesNumber": 16,
  "ShimSetting": [
    -1142,
    -1356,
    660,
    568,
    -32,
    -94,
    -21,
    15
  ],
  "SliceThickness": 3,
  "SliceTiming": [
    0.25781,
    0,
    0.27344,
    0.00781,
    0.28125,
    0.02344,
    0.29688,
    0.03906,
    0.30469,
    0.04688,
    0.32031,
    0.0625,
    0.33594,
    0.07031,
    0.34375,
    0.08594,
    0.35938,
    0.10156,
    0.36719,
    0.10938,
    0.38281,
    0.125,
    0.39844,
    0.13281,
    0.40625,
    0.14844,
    0.42188,
    0.16406,
    0.42969,
    0.17188,
    0.44531,
    0.1875,
    0.46094,
    0.19531,
    0.46875,
    0.21094,
    0.48438,
    0.22656,
    0.49219,
    0.23438,
    0.50781,
    0.24219
  ],
  "SoftwareVersions": "syngo MR E11",
  "SpacingBetweenSlices": 3,
  "StationName": "AWP166011",
  "TxRefAmp": 217.339
}