{
  "AcquisitionMatrixPE": 72,
  "AcquisitionNumber": 1,
  "AcquisitionTime": "17:05:43.455000",
  "BandwidthPerPixelPhaseEncode": 17.943,
  "BaseResolution": 96,
  "BodyPartExamined": "BRAIN",
  "CoilCombinationMethod": "Sum of Squares",
  "ConsistencyInfo": "N4_VE11C_LATEST_20160120",
  "ConversionSoftware": "dcm2niix",
  "ConversionSoftwareVersion": "v1.0.20211006",
  "DerivedVendorReportedEchoSpacing": 0.000552897,
  "DeviceSerialNumber": "166011",
  "EchoTime": 0.03,
  "EchoTrainLength": 58,
  "EffectiveEchoSpacing": 0.000580542,
  "FlipAngle": 62,
  "ImageOrientationPatientDICOM": [0.99765, -0.00897437, -0.0679262, -0.00365656, 0.982998, -0.183578],
  "ImageType": [
    "ORIGINAL",
    "PRIMARY",
    "M",
    "ND",
    "MOSAIC"
],
  "ImagingFrequency": 123.259,
  "InPlanePhaseEncodingDirectionDICOM": "COL",
  "InstitutionAddress": "West 130th Street 610,NY,NYC,US,10025",
  "InstitutionName": "MBBI",
  "MRAcquisitionType": "2D",
  "MagneticFieldStrength": 3,
  "Manufacturer": "Siemens",
  "ManufacturersModelName": "Prisma",
  "Modality": "MR",
  "MultibandAccelerationFactor": 3,
  "PartialFourier": 0.75,
  "PatientPosition": "HFS",
  "PercentPhaseFOV": 100,
  "PercentSampling": 75,
  "PhaseEncodingDirection": "j-",
  "PhaseEncodingSteps": 58,
  "PhaseOversampling": 0.05,
  "PhaseResolution": 0.75,
  "PixelBandwidth": 2265,
  "ProcedureStepDescription": "White^Word_recognition",
  "ProtocolName": "func_catLoc_run3",
  "PulseSequenceDetails": "%SiemensSeq%\\ep2d_bold",
  "ReceiveCoilActiveElements": "HC1-7",
  "ReceiveCoilName": "HeadNeck_64",
  "ReconMatrixPE": 96,
  "RefLinesPE": 40,
  "RepetitionTime": 1.5,
  "SAR": 0.0490186,
  "ScanOptions": "PFP\\FS",
  "ScanningSequence": "EP",
  "SequenceName": "*epfid2d1_72",
  "SequenceVariant": "SK\\OSP",
  "SeriesDescription": "func_catLoc_run3",
  "SeriesNumber": 10,
  "ShimSetting": [-1167, -1325, 670, 657, -88, -35, -14, 47],
  "SliceThickness": 2,
  "SliceTiming": [1.075, 0, 0.74, 0.0675, 0.8075, 0.135, 0.875, 0.2025, 0.94, 0.2675, 1.0075, 0.4025, 1.1425, 0.47, 1.21, 0.5375, 1.2775, 0.605, 1.345, 0.6725, 1.4125, 0.335, 1.075, 0, 0.74, 0.0675, 0.8075, 0.135, 0.875, 0.2025, 0.94, 0.2675, 1.0075, 0.4025, 1.1425, 0.47, 1.21, 0.5375, 1.2775, 0.605, 1.345, 0.6725, 1.4125, 0.335, 1.075, 0, 0.74, 0.0675, 0.8075, 0.135, 0.875, 0.2025, 0.94, 0.2675, 1.0075, 0.4025, 1.1425, 0.47, 1.21, 0.5375, 1.2775, 0.605, 1.345, 0.6725, 1.4125, 0.335],
  "SoftwareVersions": "syngo MR E11",
  "SpacingBetweenSlices": 2,
  "StationName": "AWP166011",
  "TaskName": "catLoc",
  "TotalReadoutTime": 0.0551515,
  "TxRefAmp": 222.783,
  "dcmmeta_affine": [
    [-1.9952999353408813, -0.007313124369829893, -0.13683761656284332, 98.66490936279297],
    [0.017948731780052185, 1.9659966230392456, -0.36679011583328247, -58.384708404541016],
    [-0.13585233688354492, 0.36715617775917053, 1.9613109827041626, -71.38602447509766],
    [0.0, 0.0, 0.0, 1.0]
],
  "dcmmeta_reorient_transform": [
    [0.0, -1.0, 0.0, 95.0],
    [1.0, 0.0, 0.0, 0.0],
    [0.0, 0.0, 1.0, 0.0],
    [0.0, 0.0, 0.0, 1.0]
],
  "dcmmeta_shape": [96, 96, 66, 214],
  "dcmmeta_slice_dim": 2,
  "dcmmeta_version": 0.6,
  "global": {
    "const": {
      "AcquisitionMatrix": [96, 0, 0, 72],
      "AngioFlag": "N",
      "BitsAllocated": 16,
      "BitsStored": 12,
      "BodyPartExamined": "BRAIN",
      "Columns": 864,
      "EchoNumbers": 1,
      "EchoTime": 30.0,
      "EchoTrainLength": 58,
      "FlipAngle": 62.0,
      "HighBit": 11,
      "ImageOrientationPatient": [0.99764998697909, -0.0089743662924, -0.067926167493, -0.0036565620903, 0.98299832853318, -0.1835780914343],
      "ImagePositionPatient": [-861.35711280322, -876.4353769295, 156.64908690919],
      "ImageType": [
        "ORIGINAL",
        "PRIMARY",
        "M",
        "ND",
        "MOSAIC"
],
      "ImagedNucleus": "1H",
      "ImagingFrequency": 123.25948,
      "InPlanePhaseEncodingDirection": "COL",
      "MRAcquisitionType": "2D",
      "MagneticFieldStrength": 3.0,
      "Manufacturer": "SIEMENS",
      "ManufacturerModelName": "Prisma",
      "Modality": "MR",
      "NumberOfAverages": 1.0,
      "NumberOfPhaseEncodingSteps": 58,
      "PercentPhaseFieldOfView": 100.0,
      "PercentSampling": 75.0,
      "PerformedProcedureStepStartTime": "163247.174000",
      "PhotometricInterpretation": "MONOCHROME2",
      "PixelBandwidth": 2265.0,
      "PixelRepresentation": 0,
      "PixelSpacing": [2.0, 2.0],
      "ProtocolName": "func_catLoc_run3",
      "RepetitionTime": 1500.0,
      "Rows": 864,
      "SAR": 0.04901862461153,
      "SamplesPerPixel": 1,
      "ScanOptions": [
        "PFP",
        "FS"
],
      "ScanningSequence": "EP",
      "SequenceName": "*epfid2d1_72",
      "SequenceVariant": [
        "SK",
        "OSP"
],
      "SeriesDescription": "func_catLoc_run3",
      "SeriesNumber": 10,
      "SeriesTime": "170623.099000",
      "SliceLocation": -66.048159542873,
      "SliceThickness": 2.0,
      "SmallestImagePixelValue": 0,
      "SoftwareVersions": "syngo MR E11",
      "SpacingBetweenSlices": 2.0000000189202,
      "SpecificCharacterSet": "ISO_IR 100",
      "StudyID": "2",
      "StudyTime": "163247.124000",
      "TransmitCoilName": "Body",
      "VariableFlipAngleFlag": "N",
      "WindowCenterWidthExplanation": "Algo1",
      "dBdt": 0.0},
