{
  "AcquisitionMatrixPE": 70,
  "AcquisitionNumber": 1,
  "AcquisitionTime": "15:06:40.472500",
  "BaseResolution": 70,
  "BodyPartExamined": "BRAIN",
  "CoilCombinationMethod": "Sum of Squares",
  "ConsistencyInfo": "N4_VE11C_LATEST_20160120",
  "ConversionSoftware": "dcm2niix",
  "ConversionSoftwareVersion": "v1.0.20211006",
  "DeviceSerialNumber": "166011",
  "EchoNumber": 2,
  "EchoTime": 0.00738,
  "EchoTime1": 0.00492,
  "EchoTime2": 0.00738,
  "FlipAngle": 60,
  "ImageOrientationPatientDICOM": [
    0.998246,
    -0.0517696,
    -0.0287219,
    0.0482985,
    0.992688,
    -0.110624
  ],
  "ImageType": [
    "ORIGINAL",
    "PRIMARY",
    "P",
    "ND",
    "PHASE"
  ],
  "ImagingFrequency": 123.259,
  "InPlanePhaseEncodingDirectionDICOM": "ROW",
  "InstitutionAddress": "West 130th Street 610,NY,NYC,US,10025",
  "InstitutionName": "MBBI",
  "IntendedFor": [
    "ses-3/func/sub-163_ses-3_task-langLoc_run-01_bold.nii.gz",
    "ses-3/func/sub-163_ses-3_task-langLoc_run-02_bold.nii.gz",
    "ses-3/func/sub-163_ses-3_task-langLoc_run-03_bold.nii.gz",
    "ses-3/func/sub-163_ses-3_task-vwfate_run-01_bold.nii.gz",
    "ses-3/func/sub-163_ses-3_task-vwfate_run-02_bold.nii.gz",
    "ses-3/func/sub-163_ses-3_task-vwfate_run-03_bold.nii.gz"
  ],
  "MRAcquisitionType": "2D",
  "MagneticFieldStrength": 3,
  "Manufacturer": "Siemens",
  "ManufacturersModelName": "Prisma",
  "MatrixCoilMode": "SENSE",
  "Modality": "MR",
  "PartialFourier": 1,
  "PatientPosition": "HFS",
  "PercentPhaseFOV": 100,
  "PercentSampling": 100,
  "PhaseEncodingDirection": "i",
  "PhaseEncodingSteps": 70,
  "PhaseResolution": 1,
  "PixelBandwidth": 595,
  "ProcedureStepDescription": "White^Word_recognition",
  "ProtocolName": "fmap_gre_field_mapping",
  "PulseSequenceDetails": "%SiemensSeq%\\gre_field_mapping",
  "ReceiveCoilActiveElements": "HC1-7",
  "ReceiveCoilName": "HeadNeck_64",
  "ReconMatrixPE": 70,
  "RepetitionTime": 0.52,
  "SAR": 0.103914,
  "ScanningSequence": "GR",
  "SequenceName": "*fm2d2r",
  "SequenceVariant": "SP",
  "SeriesDescription": "fmap_gre_field_mapping",
  "SeriesNumber": 15,
  "ShimSetting": [
    -1149,
    -1367,
    724,
    593,
    -93,
    52,
    102,
    25
  ],
  "SliceThickness": 3,
  "SliceTiming": [
    0.25,
    0,
    0.26562,
    0,
    0.28125,
    0.01562,
    0.28125,
    0.03125,
    0.29688,
    0.04688,
    0.3125,
    0.04688,
    0.32812,
    0.0625,
    0.34375,
    0.07812,
    0.34375,
    0.09375,
    0.35938,
    0.10938,
    0.375,
    0.10938,
    0.39062,
    0.125,
    0.40625,
    0.14062,
    0.40625,
    0.15625,
    0.42188,
    0.17188,
    0.4375,
    0.17188,
    0.45312,
    0.1875,
    0.46875,
    0.20312,
    0.46875,
    0.21875,
    0.48438,
    0.23438,
    0.5,
    0.23438
  ],
  "SoftwareVersions": "syngo MR E11",
  "SpacingBetweenSlices": 3,
  "StationName": "AWP166011",
  "TxRefAmp": 226.56,
  "dcmmeta_affine": [
    [
      -2.9947378635406494,
      0.14489535987377167,
      -0.10271646082401276,
      104.2654800415039
    ],
    [
      0.1553087830543518,
      2.9780642986297607,
      -0.32712745666503906,
      -75.35791015625
    ],
    [
      -0.08616563677787781,
      0.3318714201450348,
      2.9803466796875,
      -53.02357482910156
    ],
    [
      0.0,
      0.0,
      0.0,
      1.0
    ]
  ],
  "dcmmeta_reorient_transform": [
    [
      0.0,
      -1.0,
      0.0,
      69.0
    ],
    [
      1.0,
      0.0,
      0.0,
      0.0
    ],
    [
      0.0,
      0.0,
      -1.0,
      41.0
    ],
    [
      0.0,
      0.0,
      0.0,
      1.0
    ]
  ],
  "dcmmeta_shape": [
    70,
    70,
    42
  ],
  "dcmmeta_slice_dim": 2,
  "dcmmeta_version": 0.6,
  "global": {
    "const": {
      "AcquisitionMatrix": [
        0,
        70,
        70,
        0
      ],
      "AcquisitionNumber": 1,
      "AngioFlag": "N",
      "BitsAllocated": 16,
      "BitsStored": 12,
      "BodyPartExamined": "BRAIN",
      "Columns": 70,
      "EchoNumbers": 2,
      "EchoTime": 7.38,
      "EchoTrainLength": 0,
      "FlipAngle": 60.0,
      "HighBit": 11,
      "ImageOrientationPatient": [
        0.99824594299123,
        -0.051769595182,
        -0.028721878703,
        0.04829845501507,
        0.99268808447138,
        -0.1106238048148
      ],
      "ImageType": [
        "ORIGINAL",
        "PRIMARY",
        "P",
        "ND"
      ],
      "ImagedNucleus": "1H",
      "ImagingFrequency": 123.25949,
      "InPlanePhaseEncodingDirection": "ROW",
      "MRAcquisitionType": "2D",
      "MagneticFieldStrength": 3.0,
      "Manufacturer": "SIEMENS",
      "ManufacturerModelName": "Prisma",
      "Modality": "MR",
      "NumberOfAverages": 1.0,
      "NumberOfPhaseEncodingSteps": 70,
      "PercentPhaseFieldOfView": 100.0,
      "PercentSampling": 100.0,
      "PerformedProcedureStepStartTime": "140204.993000",
      "PhotometricInterpretation": "MONOCHROME2",
      "PixelBandwidth": 595.0,
      "PixelRepresentation": 0,
      "PixelSpacing": [
        3.0,
        3.0
      ],
      "ProtocolName": "fmap_gre_field_mapping",
      "RepetitionTime": 520.0,
      "RescaleIntercept": -4096.0,
      "RescaleSlope": 2.0,
      "RescaleType": "US",
      "Rows": 70,
      "SAR": 0.10391356810694,
      "SamplesPerPixel": 1,
      "ScanningSequence": "GR",
      "SequenceName": "*fm2d2r",
      "SequenceVariant": "SP",
      "SeriesDescription": "fmap_gre_field_mapping",
      "SeriesNumber": 15,
      "SeriesTime": "150752.939000",
      "SliceThickness": 3.0,
      "SoftwareVersions": "syngo MR E11",
      "SpacingBetweenSlices": 3.0,
      "SpecificCharacterSet": "ISO_IR 100",
      "StudyID": "2",
      "StudyTime": "140204.927000",
      "TransmitCoilName": "Body",
      "VariableFlipAngleFlag": "N",
      "WindowCenterWidthExplanation": "Algo1",
      "dBdt": 0.0
    },
